GEM
  remote: http://rubygems.org/
  specs:
    activemodel (6.1.7.6)
      activesupport (= 6.1.7.6)
    activesupport (6.1.7.6)
      concurrent-ruby (~> 1.0, >= 1.0.2)
      i18n (>= 1.6, < 2)
      minitest (>= 5.1)
      tzinfo (~> 2.0)
      zeitwerk (~> 2.3)
    addressable (2.8.7)
      public_suffix (>= 2.0.2, < 7.0)
    ambit (0.13)
    ast (2.4.0)
    async (1.30.3)
      console (~> 1.10)
      nio4r (~> 2.3)
      timers (~> 4.1)
    async-io (1.34.3)
      async
    async-websocket (0.8.0)
      async-io
      websocket-driver (~> 0.7.0)
    bson (4.15.0)
    builder (3.2.4)
    byebug (11.1.1)
    capybara (3.39.2)
      addressable
      matrix
      mini_mime (>= 0.1.3)
      nokogiri (~> 1.8)
      rack (>= 1.6.0)
      rack-test (>= 0.6.3)
      regexp_parser (>= 1.5, < 3.0)
      xpath (~> 3.2)
    chronic (0.10.2)
    concurrent-ruby (1.2.2)
    console (1.16.2)
      fiber-local
    crack (0.4.3)
      safe_yaml (~> 1.0.0)
    dante (0.2.0)
    database_cleaner (1.8.4)
    declarative (0.0.20)
    diff-lcs (1.3)
    domain_name (0.5.20190701)
      unf (>= 0.0.5, < 1.0.0)
    dotiw (5.0.0)
      activesupport
      i18n
    dry-core (1.0.0)
      concurrent-ruby (~> 1.0)
      zeitwerk (~> 2.6)
    dry-inflector (1.0.0)
    dry-logic (1.5.0)
      concurrent-ruby (~> 1.0)
      dry-core (~> 1.0, < 2)
      zeitwerk (~> 2.6)
    dry-types (1.7.1)
      concurrent-ruby (~> 1.0)
      dry-core (~> 1.0)
      dry-inflector (~> 1.0)
      dry-logic (~> 1.4)
      zeitwerk (~> 2.6)
    fabrication (2.21.1)
    faker (2.11.0)
      i18n (>= 1.6, < 2)
    faraday (0.17.6)
      multipart-post (>= 1.2, < 3)
    faraday-digestauth (0.3.0)
      faraday (~> 0.7)
      net-http-digest_auth (~> 1.4)
    faraday_hal_middleware (0.1.0)
      faraday_middleware (~> 0.9)
    faraday_middleware (0.14.0)
      faraday (>= 0.7.4, < 1.0)
    fiber-local (1.0.0)
    foreman (0.87.2)
    gli (2.21.0)
    grape (1.7.0)
      activesupport
      builder
      dry-types (>= 1.1)
      mustermann-grape (~> 1.0.0)
      rack (>= 1.3.0)
      rack-accept
    grape-roar (0.4.1)
      grape
      multi_json
      roar (~> 1.1.0)
    grape-swagger (1.5.0)
      grape (~> 1.3)
    hashdiff (1.0.1)
    hashie (5.0.0)
    http-accept (1.7.0)
    http-cookie (1.0.3)
      domain_name (~> 0.5)
    hyperclient (0.9.1)
      addressable
      faraday (>= 0.9.0)
      faraday-digestauth
      faraday_hal_middleware
      faraday_middleware
      net-http-digest_auth
    i18n (1.14.1)
      concurrent-ruby (~> 1.0)
    io-console (0.6.0)
    irb (1.6.2)
      reline (>= 0.3.0)
    jaro_winkler (1.5.4)
    jwt (2.2.1)
    kaminari-core (1.2.2)
    kaminari-grape (1.0.1)
      grape
      kaminari-core (~> 1.0)
    kgio (2.11.3)
    mailchimp_api_v3 (0.2.18)
      rest-client (~> 2)
    matrix (0.4.2)
    mime-types (3.3.1)
      mime-types-data (~> 3.2015)
    mime-types-data (3.2019.1009)
    mini_mime (1.1.5)
    mini_portile2 (2.8.7)
    minitest (5.19.0)
    mongo (2.18.2)
      bson (>= 4.14.1, < 5.0.0)
    mongoid (7.3.1)
      activemodel (>= 5.1, < 6.2)
      mongo (>= 2.10.5, < 3.0.0)
    mongoid-compatibility (0.5.1)
      activesupport
      mongoid (>= 2.0)
    mongoid-scroll (0.3.6)
      i18n
      mongoid (>= 3.0)
      mongoid-compatibility
    mongoid-shell (0.4.6)
      i18n
      mongoid (>= 3.0.0)
      mongoid-compatibility
    multi_json (1.15.0)
    multipart-post (2.3.0)
    mustermann (3.0.0)
      ruby2_keywords (~> 0.0.1)
    mustermann-grape (1.0.2)
      mustermann (>= 1.0.0)
    net-http-digest_auth (1.4.1)
    netrc (0.11.0)
    newrelic_rpm (6.10.0.364)
    nio4r (2.5.8)
    nokogiri (1.15.6)
      mini_portile2 (~> 2.8.2)
      racc (~> 1.4)
    parallel (1.19.1)
    parser (2.7.1.0)
      ast (~> 2.4.0)
    public_suffix (5.1.1)
    racc (1.8.0)
    rack (3.1.7)
    rack-accept (0.4.5)
      rack (>= 0.4)
    rack-cors (2.0.0)
      rack (>= 2.0.0)
    rack-rewrite (1.5.1)
    rack-robotz (0.0.4)
      rack
    rack-server-pages (0.1.0)
      rack
    rack-test (2.1.0)
      rack (>= 1.3)
    rainbow (3.0.0)
    raindrops (0.19.1)
    rake (12.3.3)
    regexp_parser (2.9.2)
    reline (0.3.2)
      io-console (~> 0.5)
    representable (3.2.0)
      declarative (< 0.1.0)
      trailblazer-option (>= 0.1.1, < 0.2.0)
      uber (< 0.2.0)
    rest-client (2.1.0)
      http-accept (>= 1.7.0, < 2.0)
      http-cookie (>= 1.0.2, < 2.0)
      mime-types (>= 1.16, < 4.0)
      netrc (~> 0.8)
    rexml (3.3.2)
      strscan
    roar (1.1.1)
      representable (~> 3.0)
    rspec (3.9.0)
      rspec-core (~> 3.9.0)
      rspec-expectations (~> 3.9.0)
      rspec-mocks (~> 3.9.0)
    rspec-core (3.9.1)
      rspec-support (~> 3.9.1)
    rspec-expectations (3.9.1)
      diff-lcs (>= 1.2.0, < 2.0)
      rspec-support (~> 3.9.0)
    rspec-mocks (3.9.1)
      diff-lcs (>= 1.2.0, < 2.0)
      rspec-support (~> 3.9.0)
    rspec-support (3.9.2)
    rubocop (0.81.0)
      jaro_winkler (~> 1.5.1)
      parallel (~> 1.10)
      parser (>= 2.7.0.1)
      rainbow (>= 2.2.2, < 4.0)
      rexml
      ruby-progressbar (~> 1.7)
      unicode-display_width (>= 1.4.0, < 2.0)
    ruby-progressbar (1.10.1)
    ruby2_keywords (0.0.5)
    rubyzip (2.3.2)
    safe_yaml (1.0.5)
    selenium-webdriver (4.9.0)
      rexml (~> 3.2, >= 3.2.5)
      rubyzip (>= 1.2.2, < 3.0)
      websocket (~> 1.0)
    slack-ruby-bot (0.16.1)
      activesupport
      hashie
      slack-ruby-client (>= 0.14.0)
    slack-ruby-bot-server (1.2.1)
      async
      foreman
      grape
      grape-roar (>= 0.4.0)
      grape-swagger
      kaminari-grape
      rack-cors
      rack-rewrite
      rack-server-pages
      slack-ruby-client
    slack-ruby-bot-server-mailchimp (0.2.0)
      mailchimp_api_v3
      slack-ruby-bot-server (>= 0.10.0)
    slack-ruby-bot-server-rtm (0.2.0)
      async-websocket (~> 0.8.0)
      slack-ruby-bot (>= 0.12.0)
      slack-ruby-bot-server (>= 1.0.0)
    slack-ruby-client (0.14.6)
      activesupport
      faraday (>= 0.9)
      faraday_middleware
      gli
      hashie
      websocket-driver
    stripe (1.58.0)
      rest-client (>= 1.4, < 4.0)
    stripe-ruby-mock (2.4.1)
      dante (>= 0.2.0)
      multi_json (~> 1.0)
      stripe (>= 1.31.0, <= 1.58.0)
    strscan (3.1.0)
    timecop (0.9.1)
    timers (4.3.5)
    trailblazer-option (0.1.2)
    tzinfo (2.0.6)
      concurrent-ruby (~> 1.0)
    uber (0.1.0)
    unf (0.1.4)
      unf_ext
    unf_ext (0.0.7.7)
    unicode-display_width (1.7.0)
    unicorn (5.5.4)
      kgio (~> 2.6)
      raindrops (~> 0.7)
    vcr (5.1.0)
    wannabe_bool (0.7.1)
    webmock (3.8.3)
      addressable (>= 2.3.6)
      crack (>= 0.3.2)
      hashdiff (>= 0.4.0, < 2.0.0)
    websocket (1.2.11)
    websocket-driver (0.7.5)
      websocket-extensions (>= 0.1.0)
    websocket-extensions (0.1.5)
    xpath (3.2.0)
      nokogiri (~> 1.8)
    zeitwerk (2.6.11)

PLATFORMS
  ruby

DEPENDENCIES
  ambit
  byebug
  capybara
  chronic
  database_cleaner
  dotiw
  fabrication
  faker
  foreman
  grape
  hyperclient
  irb
  jwt
  mailchimp_api_v3
  mongoid
  mongoid-scroll
  mongoid-shell
  newrelic_rpm
  rack-robotz
  rack-server-pages
  rack-test
  rake (~> 12.3)
  rspec
  rubocop
  selenium-webdriver
  slack-ruby-bot-server
  slack-ruby-bot-server-mailchimp
  slack-ruby-bot-server-rtm
  slack-ruby-client
  stripe (~> 1.58.0)
  stripe-ruby-mock (~> 2.4.1)
  timecop
  unicorn
  vcr
  wannabe_bool
  webmock

RUBY VERSION
   ruby 2.7.7p221

BUNDLED WITH
   2.4.2
